GEM
  remote: http://rubygems.org/
  specs:
    commonjs (0.2.0)
      therubyracer (~> 0.9.9)
    ffi (1.0.11)
    guard (0.10.0)
      ffi (>= 0.5.0)
      thor (~> 0.14.6)
    guard-shell (0.2.0)
      guard (>= 0.2.0)
    kgio (2.7.2)
    less (2.0.8)
      commonjs (~> 0.2.0)
      therubyracer (~> 0.9.9)
    libv8 (3.3.10.4)
    rack (1.4.0)
    rack-protection (1.2.0)
      rack
    raindrops (0.8.0)
    sinatra (1.3.2)
      rack (~> 1.3, >= 1.3.6)
      rack-protection (~> 1.2)
      tilt (~> 1.3, >= 1.3.3)
    slim (1.1.0)
      temple (~> 0.3.5)
      tilt (~> 1.3.2)
    temple (0.3.5)
    therubyracer (0.9.9)
      libv8 (~> 3.3.10)
    thor (0.14.6)
    tilt (1.3.3)
    unicorn (4.1.1)
      kgio (~> 2.4)
      rack
      raindrops (~> 0.6)

PLATFORMS
  ruby

DEPENDENCIES
  guard
  guard-shell
  less
  sinatra
  slim
  unicorn
